GEM
  remote: https://rubygems.org/
  specs:
    actionmailer (3.2.8)
      actionpack (= 3.2.8)
      mail (~> 2.4.4)
    actionpack (3.2.8)
      activemodel (= 3.2.8)
      activesupport (= 3.2.8)
      builder (~> 3.0.0)
      erubis (~> 2.7.0)
      journey (~> 1.0.4)
      rack (~> 1.4.0)
      rack-cache (~> 1.2)
      rack-test (~> 0.6.1)
      sprockets (~> 2.1.3)
    activemodel (3.2.8)
      activesupport (= 3.2.8)
      builder (~> 3.0.0)
    activerecord (3.2.8)
      activemodel (= 3.2.8)
      activesupport (= 3.2.8)
      arel (~> 3.0.2)
      tzinfo (~> 0.3.29)
    activeresource (3.2.8)
      activemodel (= 3.2.8)
      activesupport (= 3.2.8)
    activesupport (3.2.8)
      i18n (~> 0.6)
      multi_json (~> 1.0)
    acts-as-taggable-on (2.3.3)
      rails (~> 3.0)
    addressable (2.3.2)
    archive-tar-minitar (0.5.2)
    arel (3.0.2)
    bcrypt-ruby (3.0.1)
    bootstrap-sass (2.1.1.0)
    builder (3.0.4)
    capybara (1.1.3)
      mime-types (>= 1.16)
      nokogiri (>= 1.3.3)
      rack (>= 1.0.0)
      rack-test (>= 0.5.4)
      selenium-webdriver (~> 2.0)
      xpath (~> 0.1.4)
    childprocess (0.3.6)
      ffi (~> 1.0, >= 1.0.6)
    choice (0.1.6)
    chronic (0.6.7)
    cocaine (0.4.2)
    coderay (1.0.8)
    coffee-rails (3.2.2)
      coffee-script (>= 2.2.0)
      railties (~> 3.2.0)
    coffee-script (2.2.0)
      coffee-script-source
      execjs
    coffee-script-source (1.4.0)
    columnize (0.3.6)
    commonjs (0.2.6)
    daemons (1.0.10)
    devise (2.1.2)
      bcrypt-ruby (~> 3.0)
      orm_adapter (~> 0.1)
      railties (~> 3.1)
      warden (~> 1.2.1)
    devise-encryptable (0.1.1)
      devise (>= 2.1.0.rc)
    diff-lcs (1.1.3)
    erubis (2.7.0)
    eventmachine (1.0.0)
    exception_notification (3.0.0)
      actionmailer (>= 3.0.4)
      tinder (~> 1.8)
    execjs (1.4.0)
      multi_json (~> 1.0)
    exifr (1.1.3)
    faker (1.1.2)
      i18n (~> 0.5)
    faraday (0.8.4)
      multipart-post (~> 1.1)
    faraday_middleware (0.9.0)
      faraday (>= 0.7.4, < 0.9)
    ffi (1.1.5)
    font-awesome-sass-rails (2.0.0.0)
      railties (>= 3.1.1)
      sass-rails (>= 3.1.1)
    gem_plugin (0.2.3)
    guard (1.5.3)
      listen (>= 0.4.2)
      lumberjack (>= 1.0.2)
      pry (>= 0.9.10)
      thor (>= 0.14.6)
    guard-rspec (2.1.1)
      guard (>= 1.1)
      rspec (~> 2.11)
    guard-spork (1.2.3)
      childprocess (>= 0.2.3)
      guard (>= 1.1)
      spork (>= 0.8.4)
      sys-proctable
    haml (3.1.7)
    hashie (1.2.0)
    hike (1.2.1)
    http_parser.rb (0.5.3)
    i18n (0.6.1)
    journey (1.0.4)
    jpmobile (3.0.6)
    jquery-rails (2.1.3)
      railties (>= 3.1.0, < 5.0)
      thor (~> 0.14)
    jquery-ui-rails (2.0.2)
      jquery-rails
      railties (>= 3.1.0)
    json (1.7.5)
    kaminari (0.14.1)
      actionpack (>= 3.0.0)
      activesupport (>= 3.0.0)
    kgio (2.7.4)
    less (2.2.2)
      commonjs (~> 0.2.6)
    less-rails (2.2.3)
      actionpack (>= 3.1)
      less (~> 2.2.0)
    libv8 (3.3.10.4)
    libwebsocket (0.1.5)
      addressable
    linecache19 (0.5.12)
      ruby_core_source (>= 0.1.4)
    listen (0.5.3)
    lumberjack (1.0.2)
    mail (2.4.4)
      i18n (>= 0.4.0)
      mime-types (~> 1.16)
      treetop (~> 1.4.8)
    method_source (0.8.1)
    mime-types (1.19)
    mongrel (1.2.0.pre2)
      daemons (~> 1.0.10)
      gem_plugin (~> 0.2.3)
    multi_json (1.3.7)
    multipart-post (1.1.5)
    mysql2 (0.3.11)
    nested_form (0.2.3)
    nokogiri (1.5.5)
    orm_adapter (0.4.0)
    paperclip (3.3.1)
      activemodel (>= 3.0.0)
      activerecord (>= 3.0.0)
      activesupport (>= 3.0.0)
      cocaine (~> 0.4.0)
      mime-types
    polyglot (0.3.3)
    pry (0.9.10)
      coderay (~> 1.0.5)
      method_source (~> 0.8)
      slop (~> 3.3.1)
    pry-rails (0.2.2)
      pry (>= 0.9.10)
    rack (1.4.1)
    rack-cache (1.2)
      rack (>= 0.4)
    rack-pjax (0.6.0)
      nokogiri (~> 1.5)
      rack (~> 1.3)
    rack-ssl (1.3.2)
      rack
    rack-test (0.6.2)
      rack (>= 1.0)
    rails (3.2.8)
      actionmailer (= 3.2.8)
      actionpack (= 3.2.8)
      activerecord (= 3.2.8)
      activeresource (= 3.2.8)
      activesupport (= 3.2.8)
      bundler (~> 1.0)
      railties (= 3.2.8)
    rails-erd (1.0.0)
      activerecord (>= 3.0)
      activesupport (>= 3.0)
      choice (~> 0.1.6)
      ruby-graphviz (~> 1.0.4)
    rails-footnotes (3.7.9)
      rails (>= 3.0.0)
    rails3-generators (1.0.0)
      railties (>= 3.0.0)
    rails3_acts_as_paranoid (0.2.4)
      activerecord (~> 3.2)
    rails_admin (0.1.2)
      bootstrap-sass (~> 2.0)
      builder (~> 3.0)
      coffee-rails (~> 3.1)
      font-awesome-sass-rails (~> 2.0)
      haml (~> 3.1)
      jquery-rails (~> 2.0)
      jquery-ui-rails (~> 2.0)
      kaminari (~> 0.12)
      nested_form (~> 0.2.3)
      rack-pjax (~> 0.5)
      rails (~> 3.1)
      remotipart (~> 1.0)
      sass-rails (~> 3.1)
    rails_autolink (1.0.9)
      rails (~> 3.1)
    railties (3.2.8)
      actionpack (= 3.2.8)
      activesupport (= 3.2.8)
      rack-ssl (~> 1.3.2)
      rake (>= 0.8.7)
      rdoc (~> 3.4)
      thor (>= 0.14.6, < 2.0)
    raindrops (0.10.0)
    rake (0.9.2.2)
    rdoc (3.12)
      json (~> 1.4)
    remotipart (1.0.2)
    rr (1.0.4)
    rspec (2.11.0)
      rspec-core (~> 2.11.0)
      rspec-expectations (~> 2.11.0)
      rspec-mocks (~> 2.11.0)
    rspec-core (2.11.1)
    rspec-expectations (2.11.3)
      diff-lcs (~> 1.1.3)
    rspec-mocks (2.11.3)
    rspec-rails (2.11.4)
      actionpack (>= 3.0)
      activesupport (>= 3.0)
      railties (>= 3.0)
      rspec (~> 2.11.0)
    ruby-debug-base19 (0.11.25)
      columnize (>= 0.3.1)
      linecache19 (>= 0.5.11)
      ruby_core_source (>= 0.1.4)
    ruby-debug19 (0.11.6)
      columnize (>= 0.3.1)
      linecache19 (>= 0.5.11)
      ruby-debug-base19 (>= 0.11.19)
    ruby-gmail (0.2.1)
      mail (>= 2.2.1)
      shared-mime-info
    ruby-graphviz (1.0.8)
    ruby_core_source (0.1.5)
      archive-tar-minitar (>= 0.5.2)
    rubyzip (0.9.9)
    sanitize (2.0.3)
      nokogiri (>= 1.4.4, < 1.6)
    sass (3.2.2)
    sass-rails (3.2.5)
      railties (~> 3.2.0)
      sass (>= 3.1.10)
      tilt (~> 1.3)
    selenium-webdriver (2.26.0)
      childprocess (>= 0.2.5)
      libwebsocket (~> 0.1.3)
      multi_json (~> 1.0)
      rubyzip
    shared-mime-info (0.1)
    simple_form (2.0.4)
      actionpack (~> 3.0)
      activemodel (~> 3.0)
    simple_oauth (0.1.9)
    slop (3.3.3)
    spork (0.9.2)
    sprockets (2.1.3)
      hike (~> 1.2)
      rack (~> 1.0)
      tilt (~> 1.1, != 1.3.0)
    sys-proctable (0.9.2)
    therubyracer (0.10.2)
      libv8 (~> 3.3.10)
    thor (0.16.0)
    tilt (1.3.3)
    tinder (1.9.1)
      eventmachine (>= 0.12.0, < 2)
      faraday (~> 0.8)
      faraday_middleware (~> 0.8)
      hashie (~> 1.0)
      json (~> 1.6)
      mime-types (~> 1.16)
      multi_json (~> 1.0)
      multipart-post (~> 1.1)
      twitter-stream (~> 0.1)
    treetop (1.4.12)
      polyglot
      polyglot (>= 0.3.1)
    twitter-bootstrap-rails (2.1.6)
      actionpack (>= 3.1)
      execjs
      railties (>= 3.1)
    twitter-stream (0.1.16)
      eventmachine (>= 0.12.8)
      http_parser.rb (~> 0.5.1)
      simple_oauth (~> 0.1.4)
    tzinfo (0.3.35)
    uglifier (1.3.0)
      execjs (>= 0.3.0)
      multi_json (~> 1.0, >= 1.0.2)
    unicorn (4.4.0)
      kgio (~> 2.6)
      rack
      raindrops (~> 0.7)
    warden (1.2.1)
      rack (>= 1.0)
    whenever (0.7.3)
      activesupport (>= 2.3.4)
      chronic (~> 0.6.3)
    xpath (0.1.4)
      nokogiri (~> 1.3)

PLATFORMS
  ruby

DEPENDENCIES
  acts-as-taggable-on
  capybara
  coffee-rails (~> 3.2.1)
  devise
  devise-encryptable
  exception_notification
  exifr
  faker
  guard-rspec
  guard-spork
  jpmobile
  jquery-rails
  kaminari
  less-rails
  mongrel (>= 1.2.0.pre2)
  mysql2
  paperclip
  pry-rails
  rails (= 3.2.8)
  rails-erd
  rails-footnotes
  rails3-generators
  rails3_acts_as_paranoid
  rails_admin
  rails_autolink
  rr
  rspec
  rspec-rails
  ruby-debug19
  ruby-gmail
  sanitize
  sass-rails (~> 3.2.3)
  simple_form
  spork
  therubyracer
  twitter-bootstrap-rails
  uglifier (>= 1.0.3)
  unicorn
  whenever
