GEM
  remote: https://rubygems.org/
  specs:
    actioncable (6.1.7.10)
      actionpack (= 6.1.7.10)
      activesupport (= 6.1.7.10)
      nio4r (~> 2.0)
      websocket-driver (>= 0.6.1)
    actionmailbox (6.1.7.10)
      actionpack (= 6.1.7.10)
      activejob (= 6.1.7.10)
      activerecord (= 6.1.7.10)
      activestorage (= 6.1.7.10)
      activesupport (= 6.1.7.10)
      mail (>= 2.7.1)
    actionmailer (6.1.7.10)
      actionpack (= 6.1.7.10)
      actionview (= 6.1.7.10)
      activejob (= 6.1.7.10)
      activesupport (= 6.1.7.10)
      mail (~> 2.5, >= 2.5.4)
      rails-dom-testing (~> 2.0)
    actionpack (6.1.7.10)
      actionview (= 6.1.7.10)
      activesupport (= 6.1.7.10)
      rack (~> 2.0, >= 2.0.9)
      rack-test (>= 0.6.3)
      rails-dom-testing (~> 2.0)
      rails-html-sanitizer (~> 1.0, >= 1.2.0)
    actiontext (6.1.7.10)
      actionpack (= 6.1.7.10)
      activerecord (= 6.1.7.10)
      activestorage (= 6.1.7.10)
      activesupport (= 6.1.7.10)
      nokogiri (>= 1.8.5)
    actionview (6.1.7.10)
      activesupport (= 6.1.7.10)
      builder (~> 3.1)
      erubi (~> 1.4)
      rails-dom-testing (~> 2.0)
      rails-html-sanitizer (~> 1.1, >= 1.2.0)
    activejob (6.1.7.10)
      activesupport (= 6.1.7.10)
      globalid (>= 0.3.6)
    activemodel (6.1.7.10)
      activesupport (= 6.1.7.10)
    activemodel-serializers-xml (1.0.2)
      activemodel (> 5.x)
      activesupport (> 5.x)
      builder (~> 3.1)
    activerecord (6.1.7.10)
      activemodel (= 6.1.7.10)
      activesupport (= 6.1.7.10)
    activestorage (6.1.7.10)
      actionpack (= 6.1.7.10)
      activejob (= 6.1.7.10)
      activerecord (= 6.1.7.10)
      activesupport (= 6.1.7.10)
      marcel (~> 1.0)
      mini_mime (>= 1.1.0)
    activesupport (6.1.7.10)
      concurrent-ruby (~> 1.0, >= 1.0.2)
      i18n (>= 1.6, < 2)
      minitest (>= 5.1)
      tzinfo (~> 2.0)
      zeitwerk (~> 2.3)
    addressable (2.8.1)
      public_suffix (>= 2.0.2, < 6.0)
    airbrussh (1.4.1)
      sshkit (>= 1.6.1, != 1.7.0)
    annotate (3.2.0)
      activerecord (>= 3.2, < 8.0)
      rake (>= 10.4, < 14.0)
    apns (1.0.0)
    ast (2.4.2)
    autoprefixer-rails (10.4.7.0)
      execjs (~> 2)
    base64 (0.2.0)
    bcrypt (3.1.18)
    bcrypt_pbkdf (1.1.0)
    better_errors (2.9.1)
      coderay (>= 1.0.0)
      erubi (>= 1.0.0)
      rack (>= 0.9.0)
    binding_of_caller (1.0.0)
      debug_inspector (>= 0.0.1)
    bootsnap (1.16.0)
      msgpack (~> 1.2)
    bootstrap (4.6.2)
      autoprefixer-rails (>= 9.1.0)
      popper_js (>= 1.16.1, < 2)
      sassc-rails (>= 2.0.0)
    browser (5.3.1)
    builder (3.3.0)
    bullet (7.0.7)
      activesupport (>= 3.0.0)
      uniform_notifier (~> 1.11)
    byebug (11.1.3)
    capistrano (3.17.2)
      airbrussh (>= 1.0.0)
      i18n
      rake (>= 10.0.0)
      sshkit (>= 1.9.0)
    capistrano-bundler (2.1.0)
      capistrano (~> 3.1)
    capistrano-rails (1.6.2)
      capistrano (~> 3.1)
      capistrano-bundler (>= 1.1, < 3)
    capistrano-sidekiq (2.3.0)
      capistrano (>= 3.9.0)
      capistrano-bundler
      sidekiq (>= 6.0)
    capistrano3-nginx (3.0.4)
      capistrano (~> 3.0)
    capistrano3-puma (6.0.0.beta.1)
      capistrano (~> 3.7)
      capistrano-bundler
      puma (>= 5.1, < 7.0)
    capistrano3-unicorn (0.2.1)
      capistrano (~> 3.1, >= 3.1.0)
    capybara (3.38.0)
      addressable
      matrix
      mini_mime (>= 0.1.3)
      nokogiri (~> 1.8)
      rack (>= 1.6.0)
      rack-test (>= 0.6.3)
      regexp_parser (>= 1.5, < 3.0)
      xpath (~> 3.2)
    choice (0.2.0)
    chronic (0.10.2)
    climate_control (0.2.0)
    coderay (1.1.3)
    concurrent-ruby (1.3.4)
    config (4.1.0)
      deep_merge (~> 1.2, >= 1.2.1)
      dry-validation (~> 1.0, >= 1.0.0)
    connection_pool (2.4.0)
    crass (1.0.6)
    database_rewinder (0.9.8)
    date (3.4.1)
    debug_inspector (1.1.0)
    deep_merge (1.2.2)
    devise (4.8.1)
      bcrypt (~> 3.0)
      orm_adapter (~> 0.1)
      railties (>= 4.1.0)
      responders
      warden (~> 1.2.3)
    devise-encryptable (0.2.0)
      devise (>= 2.1.0)
    diff-lcs (1.5.0)
    dotenv (2.8.1)
    dotenv-rails (2.8.1)
      dotenv (= 2.8.1)
      railties (>= 3.2)
    dry-configurable (1.0.1)
      dry-core (~> 1.0, < 2)
      zeitwerk (~> 2.6)
    dry-core (1.0.0)
      concurrent-ruby (~> 1.0)
      zeitwerk (~> 2.6)
    dry-inflector (1.0.0)
    dry-initializer (3.1.1)
    dry-logic (1.5.0)
      concurrent-ruby (~> 1.0)
      dry-core (~> 1.0, < 2)
      zeitwerk (~> 2.6)
    dry-schema (1.13.0)
      concurrent-ruby (~> 1.0)
      dry-configurable (~> 1.0, >= 1.0.1)
      dry-core (~> 1.0, < 2)
      dry-initializer (~> 3.0)
      dry-logic (>= 1.5, < 2)
      dry-types (>= 1.7, < 2)
      zeitwerk (~> 2.6)
    dry-types (1.7.0)
      concurrent-ruby (~> 1.0)
      dry-core (~> 1.0, < 2)
      dry-inflector (~> 1.0, < 2)
      dry-logic (>= 1.4, < 2)
      zeitwerk (~> 2.6)
    dry-validation (1.10.0)
      concurrent-ruby (~> 1.0)
      dry-core (~> 1.0, < 2)
      dry-initializer (~> 3.0)
      dry-schema (>= 1.12, < 2)
      zeitwerk (~> 2.6)
    ed25519 (1.3.0)
    erubi (1.13.1)
    exception_notification (4.5.0)
      actionmailer (>= 5.2, < 8)
      activesupport (>= 5.2, < 8)
    execjs (2.8.1)
    exifr (1.3.10)
    factory_bot (6.2.1)
      activesupport (>= 5.0.0)
    faker (3.1.1)
      i18n (>= 1.8.11, < 2)
    ffi (1.15.5)
    font-awesome-rails (4.7.0.8)
      railties (>= 3.2, < 8.0)
    foreman (0.87.2)
    gcm (0.1.1)
      httparty
      json
    globalid (1.2.1)
      activesupport (>= 6.1)
    hirb (0.7.3)
    httparty (0.21.0)
      mini_mime (>= 1.0.0)
      multi_xml (>= 0.5.2)
    i18n (1.14.6)
      concurrent-ruby (~> 1.0)
    jbuilder (2.11.5)
      actionview (>= 5.0.0)
      activesupport (>= 5.0.0)
    jquery-rails (4.5.1)
      rails-dom-testing (>= 1, < 3)
      railties (>= 4.2.0)
      thor (>= 0.14, < 2.0)
    json (2.6.3)
    kaminari (1.2.2)
      activesupport (>= 4.1.0)
      kaminari-actionview (= 1.2.2)
      kaminari-activerecord (= 1.2.2)
      kaminari-core (= 1.2.2)
    kaminari-actionview (1.2.2)
      actionview
      kaminari-core (= 1.2.2)
    kaminari-activerecord (1.2.2)
      activerecord
      kaminari-core (= 1.2.2)
    kaminari-core (1.2.2)
    kgio (2.11.4)
    language_server-protocol (3.17.0.3)
    listen (3.8.0)
      rb-fsevent (~> 0.10, >= 0.10.3)
      rb-inotify (~> 0.9, >= 0.9.10)
    loofah (2.24.0)
      crass (~> 1.0.2)
      nokogiri (>= 1.12.0)
    mail (2.8.1)
      mini_mime (>= 0.1.1)
      net-imap
      net-pop
      net-smtp
    marcel (1.0.4)
    matrix (0.4.2)
    method_source (1.1.0)
    mime-types (3.4.1)
      mime-types-data (~> 3.2015)
    mime-types-data (3.2022.0105)
    mimemagic (0.3.10)
      nokogiri (~> 1)
      rake
    mini_mime (1.1.5)
    mini_portile2 (2.8.8)
    minitest (5.25.4)
    msgpack (1.6.0)
    multi_json (1.15.0)
    multi_xml (0.6.0)
    mysql2 (0.5.5)
    nested_form (0.3.2)
    net-imap (0.4.18)
      date
      net-protocol
    net-pop (0.1.2)
      net-protocol
    net-protocol (0.2.2)
      timeout
    net-scp (4.0.0)
      net-ssh (>= 2.6.5, < 8.0.0)
    net-smtp (0.5.0)
      net-protocol
    net-ssh (7.1.0)
    nio4r (2.7.4)
    nokogiri (1.15.7)
      mini_portile2 (~> 2.8.2)
      racc (~> 1.4)
    orm_adapter (0.5.0)
    paperclip (6.1.0)
      activemodel (>= 4.2.0)
      activesupport (>= 4.2.0)
      mime-types
      mimemagic (~> 0.3.0)
      terrapin (~> 0.6.0)
    parallel (1.26.3)
    paranoia (2.6.1)
      activerecord (>= 5.1, < 7.1)
    parser (3.3.6.0)
      ast (~> 2.4.1)
      racc
    pkg-config (1.5.1)
    popper_js (1.16.1)
    pry (0.14.2)
      coderay (~> 1.1)
      method_source (~> 1.0)
    pry-byebug (3.10.1)
      byebug (~> 11.0)
      pry (>= 0.13, < 0.15)
    pry-doc (1.4.0)
      pry (~> 0.11)
      yard (~> 0.9.11)
    pry-rails (0.3.9)
      pry (>= 0.10.4)
    public_suffix (5.0.1)
    puma (6.5.0)
      nio4r (~> 2.0)
    racc (1.8.1)
    rack (2.2.10)
    rack-test (2.2.0)
      rack (>= 1.3)
    rails (6.1.7.10)
      actioncable (= 6.1.7.10)
      actionmailbox (= 6.1.7.10)
      actionmailer (= 6.1.7.10)
      actionpack (= 6.1.7.10)
      actiontext (= 6.1.7.10)
      actionview (= 6.1.7.10)
      activejob (= 6.1.7.10)
      activemodel (= 6.1.7.10)
      activerecord (= 6.1.7.10)
      activestorage (= 6.1.7.10)
      activesupport (= 6.1.7.10)
      bundler (>= 1.15.0)
      railties (= 6.1.7.10)
      sprockets-rails (>= 2.0.0)
    rails-dom-testing (2.2.0)
      activesupport (>= 5.0.0)
      minitest
      nokogiri (>= 1.6)
    rails-erd (1.7.2)
      activerecord (>= 4.2)
      activesupport (>= 4.2)
      choice (~> 0.2.0)
      ruby-graphviz (~> 1.2)
    rails-html-sanitizer (1.6.2)
      loofah (~> 2.21)
      nokogiri (>= 1.15.7, != 1.16.7, != 1.16.6, != 1.16.5, != 1.16.4, != 1.16.3, != 1.16.2, != 1.16.1, != 1.16.0.rc1, != 1.16.0)
    rails_12factor (0.0.3)
      rails_serve_static_assets
      rails_stdout_logging
    rails_admin (3.1.1)
      activemodel-serializers-xml (>= 1.0)
      kaminari (>= 0.14, < 2.0)
      nested_form (~> 0.3)
      rails (>= 6.0, < 8)
      turbo-rails (~> 1.0)
    rails_autolink (1.1.7)
      rails (> 3.1)
    rails_serve_static_assets (0.0.5)
    rails_stdout_logging (0.0.5)
    railties (6.1.7.10)
      actionpack (= 6.1.7.10)
      activesupport (= 6.1.7.10)
      method_source
      rake (>= 12.2)
      thor (~> 1.0)
    rainbow (3.1.1)
    raindrops (0.20.0)
    rake (13.2.1)
    rb-fsevent (0.11.2)
    rb-inotify (0.10.1)
      ffi (~> 1.0)
    rb-readline (0.5.5)
    redcarpet (3.6.0)
    redis-client (0.14.0)
      connection_pool
    regexp_parser (2.10.0)
    remotipart (1.4.4)
    responders (3.1.0)
      actionpack (>= 5.2)
      railties (>= 5.2)
    rexml (3.4.0)
    rmagick (5.1.0)
      pkg-config (~> 1.4)
    rspec-core (3.12.1)
      rspec-support (~> 3.12.0)
    rspec-expectations (3.12.2)
      diff-lcs (>= 1.2.0, < 2.0)
      rspec-support (~> 3.12.0)
    rspec-mocks (3.12.3)
      diff-lcs (>= 1.2.0, < 2.0)
      rspec-support (~> 3.12.0)
    rspec-rails (6.0.1)
      actionpack (>= 6.1)
      activesupport (>= 6.1)
      railties (>= 6.1)
      rspec-core (~> 3.11)
      rspec-expectations (~> 3.11)
      rspec-mocks (~> 3.11)
      rspec-support (~> 3.11)
    rspec-support (3.12.0)
    rubocop (1.69.2)
      json (~> 2.3)
      language_server-protocol (>= 3.17.0)
      parallel (~> 1.10)
      parser (>= 3.3.0.2)
      rainbow (>= 2.2.2, < 4.0)
      regexp_parser (>= 2.9.3, < 3.0)
      rubocop-ast (>= 1.36.2, < 2.0)
      ruby-progressbar (~> 1.7)
      unicode-display_width (>= 2.4.0, < 4.0)
    rubocop-ast (1.37.0)
      parser (>= 3.3.1.0)
    ruby-graphviz (1.2.5)
      rexml
    ruby-progressbar (1.13.0)
    sanitize (6.1.3)
      crass (~> 1.0.2)
      nokogiri (>= 1.12.0)
    sass (3.7.4)
      sass-listen (~> 4.0.0)
    sass-listen (4.0.0)
      rb-fsevent (~> 0.9, >= 0.9.4)
      rb-inotify (~> 0.9, >= 0.9.7)
    sass-rails (5.1.0)
      railties (>= 5.2.0)
      sass (~> 3.1)
      sprockets (>= 2.8, < 4.0)
      sprockets-rails (>= 2.0, < 4.0)
      tilt (>= 1.1, < 3)
    sassc (2.1.0)
      ffi (~> 1.9)
    sassc-rails (2.1.2)
      railties (>= 4.0.0)
      sassc (>= 2.0)
      sprockets (> 3.0)
      sprockets-rails
      tilt
    sidekiq (7.0.7)
      concurrent-ruby (< 2)
      connection_pool (>= 2.3.0)
      rack (>= 2.2.4)
      redis-client (>= 0.11.0)
    simple_form (5.2.0)
      actionpack (>= 5.2)
      activemodel (>= 5.2)
    slim (5.0.0)
      temple (~> 0.10.0)
      tilt (>= 2.0.6, < 2.1)
    slim-rails (0.2.1)
      slim (>= 0.9.2)
    spring (4.1.1)
    sprockets (3.7.5)
      base64
      concurrent-ruby (~> 1.0)
      rack (> 1, < 3)
    sprockets-rails (3.5.2)
      actionpack (>= 6.1)
      activesupport (>= 6.1)
      sprockets (>= 3.0.0)
    sshkit (1.21.4)
      net-scp (>= 1.1.2)
      net-ssh (>= 2.8.0)
    streamio-ffmpeg (3.0.2)
      multi_json (~> 1.8)
    temple (0.10.0)
    terrapin (0.6.0)
      climate_control (>= 0.0.3, < 1.0)
    thor (1.3.2)
    tilt (2.0.11)
    timeout (0.4.3)
    turbo-rails (1.3.3)
      actionpack (>= 6.0.0)
      activejob (>= 6.0.0)
      railties (>= 6.0.0)
    turbolinks (5.2.1)
      turbolinks-source (~> 5.2)
    turbolinks-source (5.2.0)
    tzinfo (2.0.6)
      concurrent-ruby (~> 1.0)
    uglifier (4.2.0)
      execjs (>= 0.3.0, < 3)
    unicode-display_width (3.1.3)
      unicode-emoji (~> 4.0, >= 4.0.4)
    unicode-emoji (4.0.4)
    unicorn (6.1.0)
      kgio (~> 2.6)
      raindrops (~> 0.7)
    uniform_notifier (1.16.0)
    view_source_map (0.3.0)
      rails (>= 5)
    warden (1.2.9)
      rack (>= 2.0.9)
    websocket-driver (0.7.7)
      base64
      websocket-extensions (>= 0.1.0)
    websocket-extensions (0.1.5)
    whenever (1.0.0)
      chronic (>= 0.6.3)
    xpath (3.2.0)
      nokogiri (~> 1.8)
    yard (0.9.37)
    zeitwerk (2.6.18)

PLATFORMS
  ruby

DEPENDENCIES
  annotate
  apns
  bcrypt_pbkdf
  better_errors
  binding_of_caller
  bootsnap
  bootstrap (~> 4.3)
  browser
  bullet
  capistrano (~> 3.6)
  capistrano-bundler (~> 2.0)
  capistrano-rails
  capistrano-sidekiq
  capistrano3-nginx
  capistrano3-puma
  capistrano3-unicorn
  capybara
  config
  database_rewinder
  devise
  devise-encryptable
  dotenv-rails
  ed25519
  exception_notification
  exifr
  factory_bot
  faker
  font-awesome-rails
  foreman
  gcm
  hirb
  jbuilder (~> 2.0)
  jquery-rails
  kaminari
  listen
  mysql2
  paperclip
  paranoia (~> 2.0)
  pry-byebug
  pry-doc
  pry-rails
  puma
  rails (~> 6.0)
  rails-erd
  rails_12factor
  rails_admin
  rails_autolink
  rb-readline
  redcarpet
  remotipart (~> 1.2)
  rmagick
  rspec-rails
  rubocop
  sanitize
  sass-rails (~> 5.0)
  sassc (= 2.1.0)
  sidekiq
  simple_form
  slim
  slim-rails
  spring
  streamio-ffmpeg
  turbolinks (~> 5)
  uglifier (>= 1.3.0)
  unicorn
  view_source_map
  whenever

RUBY VERSION
   ruby 2.7.7p221

BUNDLED WITH
   2.4.7
